PATH
  remote: .
  specs:
    wirb (0.4.2)

GEM
  remote: http://rubygems.org/
  specs:
    diff-lcs (1.1.3)
    paint (0.8.4)
    rake (0.9.2)
    rspec (2.8.0)
      rspec-core (~> 2.8.0)
      rspec-expectations (~> 2.8.0)
      rspec-mocks (~> 2.8.0)
    rspec-core (2.8.0)
    rspec-expectations (2.8.0)
      diff-lcs (~> 1.1.2)
    rspec-mocks (2.8.0)
    zucker (12.1)

PLATFORMS
  ruby

DEPENDENCIES
  paint
  rake
  rspec
  rspec-core
  wirb!
  zucker (>= 12.1)
