PATH
  remote: .
  specs:
    wirb (0.4.0)

GEM
  remote: http://rubygems.org/
  specs:
    diff-lcs (1.1.2)
    paint (0.8.2)
    rake (0.8.7)
    rspec (2.6.0)
      rspec-core (~> 2.6.0)
      rspec-expectations (~> 2.6.0)
      rspec-mocks (~> 2.6.0)
    rspec-core (2.6.4)
    rspec-expectations (2.6.0)
      diff-lcs (~> 1.1.2)
    rspec-mocks (2.6.0)
    zucker (11)

PLATFORMS
  ruby

DEPENDENCIES
  paint
  rake
  rspec
  rspec-core
  wirb!
  zucker (>= 11)
